GIT
  remote: git://github.com/dkubb/yardstick.git
  revision: a2cb3c64b4c6b496709194fc94d5732704051fec
  specs:
    yardstick (0.9.7)
      backports (~> 3.3, >= 3.3.0)
      yard (~> 0.8, >= 0.8.6)

GIT
  remote: https://github.com/datamapper/devtools.git
  revision: f0e3a3a42673266c46b983bc79a4ab6e1623bccc
  specs:
    devtools (0.0.1)
      ice_nine (~> 0.7.0)

GIT
  remote: https://github.com/troessner/reek.git
  revision: f302390f533dd6b59f837821d63249d0c729f931
  specs:
    reek (1.3.1)
      ruby2ruby (~> 2.0.2)
      ruby_parser (~> 3.1.1)
      sexp_processor

PATH
  remote: .
  specs:
    hexp (0.0.1)
      equalizer (~> 0.0.5)
      ice_nine (~> 0.7.0)
      nokogiri (~> 1.5.9)
      sass (~> 3.2.9)

GEM
  remote: https://rubygems.org/
  specs:
    abstract_type (0.0.5)
      backports (~> 3.0, >= 3.0.3)
    adamantium (0.0.7)
      backports (~> 3.0, >= 3.0.3)
      ice_nine (~> 0.7.0)
    backports (3.3.1)
    coderay (1.0.9)
    colorize (0.5.8)
    coveralls (0.6.7)
      colorize
      multi_json (~> 1.3)
      rest-client
      simplecov (>= 0.7)
      thor
    descendants_tracker (0.0.1)
    diff-lcs (1.2.4)
    equalizer (0.0.5)
      adamantium (~> 0.0.6)
      backports (~> 3.0, >= 3.0.3)
    ffi (1.8.1)
    ffi-hunspell (0.3.0)
      ffi (~> 1.0)
    flay (2.2.0)
      ruby_parser (~> 3.0)
      sexp_processor (~> 4.0)
    flog (4.0.0)
      ruby_parser (~> 3.1, > 3.1.0)
      sexp_processor (~> 4.0)
    formatador (0.2.4)
    guard (1.8.0)
      formatador (>= 0.2.4)
      listen (>= 1.0.0)
      lumberjack (>= 1.0.2)
      pry (>= 0.9.10)
      thor (>= 0.14.6)
    guard-bundler (1.0.0)
      bundler (~> 1.0)
      guard (~> 1.1)
    guard-rspec (2.5.4)
      guard (>= 1.1)
      rspec (~> 2.11)
    ice_nine (0.7.0)
    inflecto (0.0.2)
    json (1.8.0)
    kramdown (1.0.2)
    libnotify (0.8.0)
      ffi (>= 1.0.11)
    listen (1.0.3)
      rb-fsevent (>= 0.9.3)
      rb-inotify (>= 0.9)
      rb-kqueue (>= 0.2)
    lumberjack (1.0.3)
    method_source (0.8.1)
    mime-types (1.23)
    multi_json (1.7.4)
    mutant (0.2.20)
      abstract_type (~> 0.0.3)
      adamantium (~> 0.0.7)
      backports (~> 3.0, >= 3.0.3)
      descendants_tracker (~> 0.0.1)
      diff-lcs (~> 1.2.1)
      equalizer (~> 0.0.5)
      ice_nine (~> 0.7.0)
      inflecto (~> 0.0.2)
      rspec (~> 2.13.0)
      to_source (~> 0.2.19)
    mutant-melbourne (2.0.3)
    nokogiri (1.5.9)
    pelusa (0.2.2)
    pry (0.9.12.2)
      coderay (~> 1.0.5)
      method_source (~> 0.8)
      slop (~> 3.4)
    rake (10.0.4)
    rb-fchange (0.0.6)
      ffi
    rb-fsevent (0.9.3)
    rb-inotify (0.9.0)
      ffi (>= 0.5.0)
    rb-kqueue (0.2.0)
      ffi (>= 0.5.0)
    rb-notifu (0.0.4)
    rbench (0.2.3)
    rest-client (1.6.7)
      mime-types (>= 1.16)
    rspec (2.13.0)
      rspec-core (~> 2.13.0)
      rspec-expectations (~> 2.13.0)
      rspec-mocks (~> 2.13.0)
    rspec-core (2.13.1)
    rspec-expectations (2.13.0)
      diff-lcs (>= 1.1.3, < 2.0)
    rspec-mocks (2.13.1)
    ruby2ruby (2.0.5)
      ruby_parser (~> 3.1)
      sexp_processor (~> 4.0)
    ruby_parser (3.1.3)
      sexp_processor (~> 4.1)
    sass (3.2.9)
    sexp_processor (4.2.1)
    simplecov (0.7.1)
      multi_json (~> 1.0)
      simplecov-html (~> 0.7.1)
    simplecov-html (0.7.1)
    slop (3.4.5)
    terminal-notifier-guard (1.5.3)
    thor (0.18.1)
    to_source (0.2.20)
      abstract_type (~> 0.0.5)
      adamantium (~> 0.0.7)
      equalizer (~> 0.0.5)
      mutant-melbourne (~> 2.0.3)
    yard (0.8.6.1)
    yard-spellcheck (0.1.5)
      ffi-hunspell (~> 0.2)
      yard (~> 0.6)

PLATFORMS
  ruby

DEPENDENCIES
  backports (~> 3.3, >= 3.3.0)
  coveralls (~> 0.6.6)
  devtools!
  flay (~> 2.2.0)
  flog (~> 4.0.0)
  guard (~> 1.8.0)
  guard-bundler (~> 1.0.0)
  guard-rspec (~> 2.5.4)
  hexp!
  jruby-openssl (~> 0.8.5)
  json (~> 1.8.0)
  kramdown (~> 1.0.1)
  libnotify (~> 0.8.0)
  listen (~> 1.0.2)
  mutant (~> 0.2.20)
  pelusa (~> 0.2.2)
  rake (~> 10.0.4)
  rb-fchange (~> 0.0.6)
  rb-fsevent (~> 0.9.3)
  rb-inotify (~> 0.9.0)
  rb-notifu (~> 0.0.4)
  rbench (~> 0.2.3)
  reek (~> 1.3.1)!
  rspec (~> 2.13.0)
  simplecov (~> 0.7.1)
  terminal-notifier-guard (~> 1.5.3)
  yard (~> 0.8.6.1)
  yard-spellcheck (~> 0.1.5)
  yardstick (~> 0.9.6)!
