GIT
  remote: git://github.com/rom-rb/devtools.git
  revision: 6c73036e93244e6392504bfe226139181589e20d
  specs:
    devtools (0.0.2)

GIT
  remote: https://github.com/dkubb/yardstick.git
  revision: 3d0b28f2044cb9e33353c962d3d8f833ed764045
  specs:
    yardstick (0.9.9)
      yard (~> 0.8, >= 0.8.7.2)

PATH
  remote: .
  specs:
    hexp (0.3.0)
      equalizer (~> 0.0)
      ice_nine (~> 0.9)
      nokogiri (~> 1.6)
      sass (~> 3.2)

GEM
  remote: https://rubygems.org/
  specs:
    ast (1.1.0)
    backports (3.3.5)
    benchmark-ips (1.2.0)
    benchmark_suite (1.0.0)
      benchmark-ips (~> 1.0)
    bouncy-castle-java (1.5.0147)
    coderay (1.1.0)
    coveralls (0.6.9)
      multi_json (~> 1.3)
      rest-client
      simplecov (>= 0.7)
      term-ansicolor
      thor
    diff-lcs (1.2.5)
    equalizer (0.0.9)
    ffi (1.9.3)
    ffi (1.9.3-java)
    ffi-hunspell (0.3.0)
      ffi (~> 1.0)
    flay (2.4.0)
      ruby_parser (~> 3.0)
      sexp_processor (~> 4.0)
    flog (4.1.2)
      ruby_parser (~> 3.1, > 3.1.0)
      sexp_processor (~> 4.0)
    formatador (0.2.4)
    guard (1.8.3)
      formatador (>= 0.2.4)
      listen (~> 1.3)
      lumberjack (>= 1.0.2)
      pry (>= 0.9.10)
      thor (>= 0.14.6)
    guard-bundler (1.0.0)
      bundler (~> 1.0)
      guard (~> 1.1)
    guard-rspec (3.0.3)
      guard (>= 1.8)
      rspec (~> 2.13)
    guard-rubocop (0.2.2)
      guard (~> 1.8)
      rubocop (~> 0.10)
    ice_nine (0.11.0)
    jruby-openssl (0.8.10)
      bouncy-castle-java (>= 1.5.0147)
    kramdown (1.1.0)
    libnotify (0.8.2)
      ffi (>= 1.0.11)
    listen (1.3.1)
      rb-fsevent (>= 0.9.3)
      rb-inotify (>= 0.9)
      rb-kqueue (>= 0.2)
    lumberjack (1.0.4)
    method_source (0.8.2)
    mime-types (2.1)
    mini_portile (0.5.2)
    multi_json (1.8.4)
    nokogiri (1.6.1)
      mini_portile (~> 0.5.0)
    nokogiri (1.6.1-java)
      mini_portile (~> 0.5.0)
    parser (2.0.0)
      ast (~> 1.1)
      slop (~> 3.4, >= 3.4.5)
    powerpack (0.0.9)
    pry (0.9.12.5)
      coderay (~> 1.0)
      method_source (~> 0.8)
      slop (~> 3.4)
    pry (0.9.12.5-java)
      coderay (~> 1.0)
      method_source (~> 0.8)
      slop (~> 3.4)
      spoon (~> 0.0)
    rainbow (2.0.0)
    rake (10.1.1)
    rb-fchange (0.0.6)
      ffi
    rb-fsevent (0.9.4)
    rb-inotify (0.9.3)
      ffi (>= 0.5.0)
    rb-kqueue (0.2.0)
      ffi (>= 0.5.0)
    rb-notifu (0.0.4)
    rbench (0.2.3)
    reek (1.3.6)
      ruby2ruby (~> 2.0.7)
      ruby_parser (~> 3.2)
      sexp_processor
    rest-client (1.6.7)
      mime-types (>= 1.16)
    rspec (2.14.1)
      rspec-core (~> 2.14.0)
      rspec-expectations (~> 2.14.0)
      rspec-mocks (~> 2.14.0)
    rspec-core (2.14.7)
    rspec-expectations (2.14.4)
      diff-lcs (>= 1.1.3, < 2.0)
    rspec-mocks (2.14.4)
    rubocop (0.11.1)
      backports (~> 3.3.3)
      parser (~> 2.0.0.pre6)
      powerpack (~> 0.0.3)
      rainbow (>= 1.1.4)
    ruby2ruby (2.0.7)
      ruby_parser (~> 3.1)
      sexp_processor (~> 4.0)
    ruby_parser (3.3.0)
      sexp_processor (~> 4.1)
    sass (3.2.14)
    sexp_processor (4.4.1)
    simplecov (0.7.1)
      multi_json (~> 1.0)
      simplecov-html (~> 0.7.1)
    simplecov-html (0.7.1)
    slop (3.4.7)
    spoon (0.0.4)
      ffi
    term-ansicolor (1.2.2)
      tins (~> 0.8)
    terminal-notifier-guard (1.5.3)
    thor (0.18.1)
    tins (0.13.1)
    yard (0.8.7.3)
    yard-spellcheck (0.1.5)
      ffi-hunspell (~> 0.2)
      yard (~> 0.6)

PLATFORMS
  java
  ruby

DEPENDENCIES
  benchmark_suite (~> 1.0)
  coveralls (~> 0.6.7)
  devtools!
  flay (~> 2.4.0)
  flog (~> 4.1.1)
  guard (~> 1.8.1)
  guard-bundler (~> 1.0.0)
  guard-rspec (~> 3.0.2)
  guard-rubocop (~> 0.2.0)
  hexp!
  jruby-openssl (~> 0.8.5)
  kramdown (~> 1.1.0)
  libnotify (~> 0.8.0)
  listen (~> 1.3.0)
  rake (~> 10.1.0)
  rb-fchange (~> 0.0.6)
  rb-fsevent (~> 0.9.3)
  rb-inotify (~> 0.9.0)
  rb-notifu (~> 0.0.4)
  rbench (~> 0.2.3)
  reek (~> 1.3.2)
  rspec (~> 2.14.1)
  rubocop (~> 0.11.0)
  simplecov (~> 0.7.1)
  terminal-notifier-guard (~> 1.5.3)
  yard (~> 0.8.7)
  yard-spellcheck (~> 0.1.5)
  yardstick (~> 0.9.7)!
